PATH
  remote: .
  specs:
    compeon-access_token (0.3.0)
      jwt (~> 2.1)

GEM
  remote: https://rubygems.org/
  specs:
    jwt (2.2.3)
    minitest (5.11.3)
    rake (13.0.1)

PLATFORMS
  ruby

DEPENDENCIES
  bundler (~> 2.0)
  compeon-access_token!
  minitest (~> 5.0)
  rake (~> 13.0)

BUNDLED WITH
   2.2.17
